GEM
  remote: https://rubygems.org/
  specs:
    Ascii85 (2.0.1)
    action_policy (0.7.5)
      ruby-next-core (>= 1.0)
    actioncable (7.1.5.1)
      actionpack (= 7.1.5.1)
      activesupport (= 7.1.5.1)
      nio4r (~> 2.0)
      websocket-driver (>= 0.6.1)
      zeitwerk (~> 2.6)
    actionmailbox (7.1.5.1)
      actionpack (= 7.1.5.1)
      activejob (= 7.1.5.1)
      activerecord (= 7.1.5.1)
      activestorage (= 7.1.5.1)
      activesupport (= 7.1.5.1)
      mail (>= 2.7.1)
      net-imap
      net-pop
      net-smtp
    actionmailer (7.1.5.1)
      actionpack (= 7.1.5.1)
      actionview (= 7.1.5.1)
      activejob (= 7.1.5.1)
      activesupport (= 7.1.5.1)
      mail (~> 2.5, >= 2.5.4)
      net-imap
      net-pop
      net-smtp
      rails-dom-testing (~> 2.2)
    actionpack (7.1.5.1)
      actionview (= 7.1.5.1)
      activesupport (= 7.1.5.1)
      nokogiri (>= 1.8.5)
      racc
      rack (>= 2.2.4)
      rack-session (>= 1.0.1)
      rack-test (>= 0.6.3)
      rails-dom-testing (~> 2.2)
      rails-html-sanitizer (~> 1.6)
    actiontext (7.1.5.1)
      actionpack (= 7.1.5.1)
      activerecord (= 7.1.5.1)
      activestorage (= 7.1.5.1)
      activesupport (= 7.1.5.1)
      globalid (>= 0.6.0)
      nokogiri (>= 1.8.5)
    actionview (7.1.5.1)
      activesupport (= 7.1.5.1)
      builder (~> 3.1)
      erubi (~> 1.11)
      rails-dom-testing (~> 2.2)
      rails-html-sanitizer (~> 1.6)
    active_link_to (1.0.5)
      actionpack
      addressable
    activejob (7.1.5.1)
      activesupport (= 7.1.5.1)
      globalid (>= 0.3.6)
    activemodel (7.1.5.1)
      activesupport (= 7.1.5.1)
    activerecord (7.1.5.1)
      activemodel (= 7.1.5.1)
      activesupport (= 7.1.5.1)
      timeout (>= 0.4.0)
    activestorage (7.1.5.1)
      actionpack (= 7.1.5.1)
      activejob (= 7.1.5.1)
      activerecord (= 7.1.5.1)
      activesupport (= 7.1.5.1)
      marcel (~> 1.0)
    activesupport (7.1.5.1)
      base64
      benchmark (>= 0.3)
      bigdecimal
      concurrent-ruby (~> 1.0, >= 1.0.2)
      connection_pool (>= 2.2.5)
      drb
      i18n (>= 1.6, < 2)
      logger (>= 1.4.2)
      minitest (>= 5.1)
      mutex_m
      securerandom (>= 0.3)
      tzinfo (~> 2.0)
    addressable (2.8.7)
      public_suffix (>= 2.0.2, < 7.0)
    aes_key_wrap (1.1.0)
    afm (0.2.2)
    annotate (3.2.0)
      activerecord (>= 3.2, < 8.0)
      rake (>= 10.4, < 14.0)
    anyway_config (2.7.2)
      ruby-next-core (~> 1.0)
    ast (2.4.3)
    avo (3.23.0)
      actionview (>= 6.1)
      active_link_to
      activerecord (>= 6.1)
      activesupport (>= 6.1)
      addressable
      avo-heroicons (>= 0.1.1)
      docile
      inline_svg
      meta-tags
      pagy (>= 7.0.0)
      prop_initializer (>= 0.2.0)
      turbo-rails (>= 2.0.0)
      turbo_power (>= 0.6.0)
      view_component (>= 3.7.0)
      zeitwerk (>= 2.6.12)
    avo-heroicons (0.1.1)
    awesome_print (1.9.2)
    aws-eventstream (1.4.0)
    aws-partitions (1.1142.0)
    aws-sdk-core (3.229.0)
      aws-eventstream (~> 1, >= 1.3.0)
      aws-partitions (~> 1, >= 1.992.0)
      aws-sigv4 (~> 1.9)
      base64
      bigdecimal
      jmespath (~> 1, >= 1.6.1)
      logger
    aws-sdk-kms (1.110.0)
      aws-sdk-core (~> 3, >= 3.228.0)
      aws-sigv4 (~> 1.5)
    aws-sdk-s3 (1.196.1)
      aws-sdk-core (~> 3, >= 3.228.0)
      aws-sdk-kms (~> 1)
      aws-sigv4 (~> 1.5)
    aws-sigv4 (1.12.1)
      aws-eventstream (~> 1, >= 1.0.2)
    backport (1.2.0)
    base64 (0.2.0)
    bcrypt (3.1.20)
    benchmark (0.4.1)
    bigdecimal (3.2.2)
    bindata (2.5.1)
    bootsnap (1.18.6)
      msgpack (~> 1.2)
    brakeman (7.1.0)
      racc
    builder (3.3.0)
    bullet (8.0.8)
      activesupport (>= 3.0.0)
      uniform_notifier (~> 1.11)
    bundler-audit (0.9.2)
      bundler (>= 1.2.0, < 3)
      thor (~> 1.0)
    bytesize (0.1.2)
    capybara (3.40.0)
      addressable
      matrix
      mini_mime (>= 0.1.3)
      nokogiri (~> 1.11)
      rack (>= 1.6.0)
      rack-test (>= 0.6.3)
      regexp_parser (>= 1.5, < 3.0)
      xpath (~> 3.2)
    classnames (1.0.1)
    coderay (1.1.3)
    concurrent-ruby (1.3.5)
    connection_pool (2.5.3)
    console1984 (0.2.2)
      irb (~> 1.13)
      parser
      rails (>= 7.0)
      rainbow
    crack (1.0.0)
      bigdecimal
      rexml
    crass (1.0.6)
    cronex (0.15.0)
      tzinfo
      unicode (>= 0.4.4.5)
    css_parser (1.21.1)
      addressable
    cssbundling-rails (1.4.3)
      railties (>= 6.0.0)
    data_migrate (11.3.0)
      activerecord (>= 6.1)
      railties (>= 6.1)
    date (3.4.1)
    diff-lcs (1.6.2)
    docile (1.4.1)
    domain_name (0.6.20240107)
    drb (2.2.3)
    dry-configurable (1.3.0)
      dry-core (~> 1.1)
      zeitwerk (~> 2.6)
    dry-core (1.1.0)
      concurrent-ruby (~> 1.0)
      logger
      zeitwerk (~> 2.6)
    dry-inflector (1.2.0)
    dry-initializer (3.2.0)
    dry-logic (1.6.0)
      bigdecimal
      concurrent-ruby (~> 1.0)
      dry-core (~> 1.1)
      zeitwerk (~> 2.6)
    dry-struct (1.8.0)
      dry-core (~> 1.1)
      dry-types (~> 1.8, >= 1.8.2)
      ice_nine (~> 0.11)
      zeitwerk (~> 2.6)
    dry-types (1.8.3)
      bigdecimal (~> 3.0)
      concurrent-ruby (~> 1.0)
      dry-core (~> 1.0)
      dry-inflector (~> 1.0)
      dry-logic (~> 1.4)
      zeitwerk (~> 2.6)
    erb (5.0.2)
    erubi (1.13.1)
    et-orbi (1.2.11)
      tzinfo
    excon (0.112.0)
    factory_bot (6.5.4)
      activesupport (>= 6.1.0)
    factory_bot_rails (6.5.0)
      factory_bot (~> 6.5)
      railties (>= 6.1.0)
    faraday (2.13.4)
      faraday-net_http (>= 2.0, < 3.5)
      json
      logger
    faraday-follow_redirects (0.3.0)
      faraday (>= 1, < 3)
    faraday-net_http (3.4.1)
      net-http (>= 0.5.0)
    ffi (1.16.3)
    ffi-compiler (1.3.2)
      ffi (>= 1.15.5)
      rake
    fugit (1.11.1)
      et-orbi (~> 1, >= 1.2.11)
      raabro (~> 1.4)
    gelf (3.1.0)
      json
    globalid (1.2.1)
      activesupport (>= 6.1)
    gruff (0.29.0)
      bigdecimal (>= 3.0)
      histogram
      rmagick (>= 5.5)
    hashdiff (1.2.0)
    hashery (2.1.2)
    hashids (1.0.6)
    hashie (5.0.0)
    histogram (0.2.4.1)
    htmlbeautifier (1.4.3)
    htmlentities (4.3.4)
    http (5.3.1)
      addressable (~> 2.8)
      http-cookie (~> 1.0)
      http-form_data (~> 2.2)
      llhttp-ffi (~> 0.5.0)
    http-accept (1.7.0)
    http-cookie (1.0.8)
      domain_name (~> 0.5)
    http-form_data (2.3.0)
    i18n (1.14.7)
      concurrent-ruby (~> 1.0)
    ice_nine (0.11.2)
    inline_svg (1.10.0)
      activesupport (>= 3.0)
      nokogiri (>= 1.6)
    io-console (0.8.1)
    irb (1.15.2)
      pp (>= 0.6.0)
      rdoc (>= 4.0.0)
      reline (>= 0.4.2)
    jaro_winkler (1.6.1)
    jmespath (1.6.2)
    jsbundling-rails (1.3.1)
      railties (>= 6.0.0)
    json (2.13.0)
    json-jwt (1.16.7)
      activesupport (>= 4.2)
      aes_key_wrap
      base64
      bindata
      faraday (~> 2.0)
      faraday-follow_redirects
    jsonpath (1.1.5)
      multi_json
    jwt (3.1.2)
      base64
    k8s-ruby (0.17.2)
      base64
      dry-configurable
      dry-struct
      dry-types
      excon (~> 0.71)
      hashdiff (~> 1.0)
      jsonpath (~> 1.1)
      recursive-open-struct (~> 1.1, >= 1.1.3)
      yajl-ruby (~> 1.4)
      yaml-safe_load_stream3
    keycloak-admin (1.1.3)
      http-cookie (~> 1.0, >= 1.0.3)
      rest-client (~> 2.0)
    kiba (4.0.0)
    kiba-common (1.5.0)
      kiba (>= 3.0.0, < 5)
    kramdown (2.5.1)
      rexml (>= 3.3.9)
    kramdown-parser-gfm (1.1.0)
      kramdown (~> 2.0)
    language_server-protocol (3.17.0.5)
    libyear-bundler (0.9.0)
      bundler (>= 1.14, < 3)
    light-service (0.20.0)
      activesupport (>= 5.0, < 9.0)
    lint_roller (1.1.0)
    listen (3.9.0)
      rb-fsevent (~> 0.10, >= 0.10.3)
      rb-inotify (~> 0.9, >= 0.9.10)
    llhttp-ffi (0.5.1)
      ffi-compiler (~> 1.0)
      rake (~> 13.0)
    logger (1.7.0)
    lograge (0.14.0)
      actionpack (>= 4)
      activesupport (>= 4)
      railties (>= 4)
      request_store (~> 1.0)
    loofah (2.24.1)
      crass (~> 1.0.2)
      nokogiri (>= 1.12.0)
    lookbook (2.3.12)
      activemodel
      css_parser
      htmlbeautifier (~> 1.3)
      htmlentities (~> 4.3.4)
      marcel (~> 1.0)
      railties (>= 5.0)
      redcarpet (~> 3.5)
      rouge (>= 3.26, < 5.0)
      view_component (>= 2.0)
      yard (~> 0.9)
      zeitwerk (~> 2.5)
    mail (2.8.1)
      mini_mime (>= 0.1.1)
      net-imap
      net-pop
      net-smtp
    marcel (1.0.4)
    matrix (0.4.3)
    meta-tags (2.22.1)
      actionpack (>= 6.0.0, < 8.1)
    method_source (1.1.0)
    mime-types (3.7.0)
      logger
      mime-types-data (~> 3.2025, >= 3.2025.0507)
    mime-types-data (3.2025.0722)
    mini_mime (1.1.5)
    minitest (5.25.5)
    mjml-rails (4.16.0)
    money (6.19.0)
      i18n (>= 0.6.4, <= 2)
    msgpack (1.8.0)
    multi_json (1.17.0)
    multi_xml (0.7.2)
      bigdecimal (~> 3.1)
    mutex_m (0.3.0)
    net-http (0.6.0)
      uri
    net-imap (0.5.9)
      date
      net-protocol
    net-pop (0.1.2)
      net-protocol
    net-protocol (0.2.2)
      timeout
    net-smtp (0.5.1)
      net-protocol
    netrc (0.11.0)
    nio4r (2.7.4)
    nokogiri (1.18.9-aarch64-linux-gnu)
      racc (~> 1.4)
    nokogiri (1.18.9-aarch64-linux-musl)
      racc (~> 1.4)
    nokogiri (1.18.9-arm64-darwin)
      racc (~> 1.4)
    nokogiri (1.18.9-x86_64-darwin)
      racc (~> 1.4)
    nokogiri (1.18.9-x86_64-linux-gnu)
      racc (~> 1.4)
    nokogiri (1.18.9-x86_64-linux-musl)
      racc (~> 1.4)
    noticed (2.8.0)
      rails (>= 6.1.0)
    oauth2 (2.0.12)
      faraday (>= 0.17.3, < 4.0)
      jwt (>= 1.0, < 4.0)
      logger (~> 1.2)
      multi_xml (~> 0.5)
      rack (>= 1.2, < 4)
      snaky_hash (~> 2.0, >= 2.0.3)
      version_gem (>= 1.1.8, < 3)
    observer (0.1.2)
    oj (3.16.11)
      bigdecimal (>= 3.0)
      ostruct (>= 0.2)
    omniauth (2.1.3)
      hashie (>= 3.4.6)
      rack (>= 2.2.3)
      rack-protection
    omniauth-keycloak (1.5.3)
      faraday
      json-jwt (> 1.13.0)
      omniauth (>= 2.0)
      omniauth-oauth2 (>= 1.7, < 1.9)
    omniauth-oauth2 (1.8.0)
      oauth2 (>= 1.4, < 3)
      omniauth (~> 2.0)
    omniauth-rails_csrf_protection (1.0.2)
      actionpack (>= 4.2)
      omniauth (~> 2.0)
    ostruct (0.6.3)
    pagy (9.3.5)
    paper_trail (16.0.0)
      activerecord (>= 6.1)
      request_store (~> 1.4)
    parallel (1.27.0)
    paranoia (3.0.1)
      activerecord (>= 6, < 8.1)
    parser (3.3.8.0)
      ast (~> 2.4.1)
      racc
    pdf-core (0.10.0)
    pdf-inspector (1.3.0)
      pdf-reader (>= 1.0, < 3.0.a)
    pdf-reader (2.14.1)
      Ascii85 (>= 1.0, < 3.0, != 2.0.0)
      afm (~> 0.2.1)
      hashery (~> 2.0)
      ruby-rc4
      ttfunk
    percentage (2.3.0)
      bigdecimal (~> 3)
    pg (1.6.1-aarch64-linux)
    pg (1.6.1-aarch64-linux-musl)
    pg (1.6.1-arm64-darwin)
    pg (1.6.1-x86_64-darwin)
    pg (1.6.1-x86_64-linux)
    pg (1.6.1-x86_64-linux-musl)
    pkg-config (1.6.2)
    postmark (1.25.1)
      json
    postmark-rails (0.22.1)
      actionmailer (>= 3.0.0)
      postmark (>= 1.21.3, < 2.0)
    pp (0.6.2)
      prettyprint
    prawn (2.5.0)
      matrix (~> 0.4)
      pdf-core (~> 0.10.0)
      ttfunk (~> 1.8)
    prawn-table (0.2.2)
      prawn (>= 1.3.0, < 3.0.0)
    prettyprint (0.2.0)
    prism (1.4.0)
    prop_initializer (0.2.0)
      zeitwerk (>= 2.6.18)
    propshaft (1.2.1)
      actionpack (>= 7.0.0)
      activesupport (>= 7.0.0)
      rack
    pry (0.15.2)
      coderay (~> 1.1)
      method_source (~> 1.0)
    pry-rails (0.3.11)
      pry (>= 0.13.0)
    psych (5.2.6)
      date
      stringio
    public_suffix (6.0.2)
    puma (6.6.1)
      nio4r (~> 2.0)
    raabro (1.4.0)
    racc (1.8.1)
    rack (3.1.16)
    rack-cors (3.0.0)
      logger
      rack (>= 3.0.14)
    rack-protection (4.1.1)
      base64 (>= 0.1.0)
      logger (>= 1.6.0)
      rack (>= 3.0.0, < 4)
    rack-session (2.1.1)
      base64 (>= 0.1.0)
      rack (>= 3.0.0)
    rack-test (2.2.0)
      rack (>= 1.3)
    rackup (2.2.1)
      rack (>= 3)
    rails (7.1.5.1)
      actioncable (= 7.1.5.1)
      actionmailbox (= 7.1.5.1)
      actionmailer (= 7.1.5.1)
      actionpack (= 7.1.5.1)
      actiontext (= 7.1.5.1)
      actionview (= 7.1.5.1)
      activejob (= 7.1.5.1)
      activemodel (= 7.1.5.1)
      activerecord (= 7.1.5.1)
      activestorage (= 7.1.5.1)
      activesupport (= 7.1.5.1)
      bundler (>= 1.15.0)
      railties (= 7.1.5.1)
    rails-dom-testing (2.3.0)
      activesupport (>= 5.0.0)
      minitest
      nokogiri (>= 1.6)
    rails-html-sanitizer (1.6.2)
      loofah (~> 2.21)
      nokogiri (>= 1.15.7, != 1.16.7, != 1.16.6, != 1.16.5, != 1.16.4, != 1.16.3, != 1.16.2, != 1.16.1, != 1.16.0.rc1, != 1.16.0)
    railties (7.1.5.1)
      actionpack (= 7.1.5.1)
      activesupport (= 7.1.5.1)
      irb
      rackup (>= 1.0.0)
      rake (>= 12.2)
      thor (~> 1.0, >= 1.2.2)
      zeitwerk (~> 2.6)
    rainbow (3.1.1)
    rake (13.3.0)
    ransack (4.3.0)
      activerecord (>= 6.1.5)
      activesupport (>= 6.1.5)
      i18n
    rb-fsevent (0.11.2)
    rb-inotify (0.11.1)
      ffi (~> 1.0)
    rbs (3.6.1)
      logger
    rdoc (6.14.2)
      erb
      psych (>= 4.0.0)
    recursive-open-struct (1.3.1)
      ostruct
    redcarpet (3.6.1)
    redis (5.4.1)
      redis-client (>= 0.22.0)
    redis-client (0.25.1)
      connection_pool
    regexp_parser (2.10.0)
    reline (0.6.2)
      io-console (~> 0.5)
    request_store (1.7.0)
      rack (>= 1.4)
    rest-client (2.1.0)
      http-accept (>= 1.7.0, < 2.0)
      http-cookie (>= 1.0.2, < 2.0)
      mime-types (>= 1.16, < 4.0)
      netrc (~> 0.8)
    retriable (3.1.2)
    reverse_markdown (3.0.0)
      nokogiri
    rexml (3.4.1)
    rmagick (6.1.2)
      observer (~> 0.1)
      pkg-config (~> 1.4)
    rouge (4.6.0)
    rspec-core (3.13.5)
      rspec-support (~> 3.13.0)
    rspec-expectations (3.13.5)
      diff-lcs (>= 1.2.0, < 2.0)
      rspec-support (~> 3.13.0)
    rspec-its (2.0.0)
      rspec-core (>= 3.13.0)
      rspec-expectations (>= 3.13.0)
    rspec-mocks (3.13.5)
      diff-lcs (>= 1.2.0, < 2.0)
      rspec-support (~> 3.13.0)
    rspec-rails (7.1.1)
      actionpack (>= 7.0)
      activesupport (>= 7.0)
      railties (>= 7.0)
      rspec-core (~> 3.13)
      rspec-expectations (~> 3.13)
      rspec-mocks (~> 3.13)
      rspec-support (~> 3.13)
    rspec-support (3.13.4)
    rspec_junit_formatter (0.6.0)
      rspec-core (>= 2, < 4, != 2.12.0)
    rubocop (1.79.2)
      json (~> 2.3)
      language_server-protocol (~> 3.17.0.2)
      lint_roller (~> 1.1.0)
      parallel (~> 1.10)
      parser (>= 3.3.0.2)
      rainbow (>= 2.2.2, < 4.0)
      regexp_parser (>= 2.9.3, < 3.0)
      rubocop-ast (>= 1.46.0, < 2.0)
      ruby-progressbar (~> 1.7)
      unicode-display_width (>= 2.4.0, < 4.0)
    rubocop-ast (1.46.0)
      parser (>= 3.3.7.2)
      prism (~> 1.4)
    rubocop-capybara (2.22.1)
      lint_roller (~> 1.1)
      rubocop (~> 1.72, >= 1.72.1)
    rubocop-factory_bot (2.27.1)
      lint_roller (~> 1.1)
      rubocop (~> 1.72, >= 1.72.1)
    rubocop-performance (1.25.0)
      lint_roller (~> 1.1)
      rubocop (>= 1.75.0, < 2.0)
      rubocop-ast (>= 1.38.0, < 2.0)
    rubocop-rails (2.32.0)
      activesupport (>= 4.2.0)
      lint_roller (~> 1.1)
      rack (>= 1.1)
      rubocop (>= 1.75.0, < 2.0)
      rubocop-ast (>= 1.44.0, < 2.0)
    rubocop-rspec (3.6.0)
      lint_roller (~> 1.1)
      rubocop (~> 1.72, >= 1.72.1)
    rubocop-rspec_rails (2.31.0)
      lint_roller (~> 1.1)
      rubocop (~> 1.72, >= 1.72.1)
      rubocop-rspec (~> 3.5)
    ruby-next-core (1.1.2)
    ruby-progressbar (1.13.0)
    ruby-rc4 (0.1.5)
    ruby-units (4.1.0)
    securerandom (0.4.1)
    seed-fu (2.3.9)
      activerecord (>= 3.1)
      activesupport (>= 3.1)
    sentry-rails (5.26.0)
      railties (>= 5.0)
      sentry-ruby (~> 5.26.0)
    sentry-ruby (5.26.0)
      bigdecimal
      concurrent-ruby (~> 1.0, >= 1.0.2)
    sentry-sidekiq (5.26.0)
      sentry-ruby (~> 5.26.0)
      sidekiq (>= 3.0)
    shoulda-matchers (6.5.0)
      activesupport (>= 5.2.0)
    sidekiq (8.0.6)
      connection_pool (>= 2.5.0)
      json (>= 2.9.0)
      logger (>= 1.6.2)
      rack (>= 3.1.0)
      redis-client (>= 0.23.2)
    sidekiq-cron (2.3.0)
      cronex (>= 0.13.0)
      fugit (~> 1.8, >= 1.11.1)
      globalid (>= 1.0.1)
      sidekiq (>= 6.5.0)
    simplecov (0.22.0)
      docile (~> 1.1)
      simplecov-html (~> 0.11)
      simplecov_json_formatter (~> 0.1)
    simplecov-html (0.13.2)
    simplecov-lcov (0.8.0)
    simplecov_json_formatter (0.1.4)
    snaky_hash (2.0.3)
      hashie (>= 0.1.0, < 6)
      version_gem (>= 1.1.8, < 3)
    solargraph (0.56.2)
      backport (~> 1.2)
      benchmark (~> 0.4)
      bundler (~> 2.0)
      diff-lcs (~> 1.4)
      jaro_winkler (~> 1.6, >= 1.6.1)
      kramdown (~> 2.3)
      kramdown-parser-gfm (~> 1.1)
      logger (~> 1.6)
      observer (~> 0.1)
      ostruct (~> 0.6)
      parser (~> 3.0)
      prism (~> 1.4)
      rbs (~> 3.6.1)
      reverse_markdown (~> 3.0)
      rubocop (~> 1.38)
      thor (~> 1.0)
      tilt (~> 2.0)
      yard (~> 0.9, >= 0.9.24)
      yard-solargraph (~> 0.1)
    spring (4.3.0)
    spring-commands-rspec (1.0.4)
      spring (>= 0.9.1)
    stimulus-rails (1.3.4)
      railties (>= 6.0.0)
    store_model (4.3.0)
      activerecord (>= 7.0)
    stringio (3.1.7)
    strong_migrations (2.5.0)
      activerecord (>= 7.1)
    thor (1.4.0)
    tilt (2.6.1)
    timecop (0.9.10)
    timeout (0.4.3)
    timescaledb (0.3.2)
      activerecord
      activesupport
      ostruct
      pg (~> 1.2)
    ttfunk (1.8.0)
      bigdecimal (~> 3.1)
    turbo-rails (2.0.16)
      actionpack (>= 7.1.0)
      railties (>= 7.1.0)
    turbo_power (0.7.0)
      turbo-rails (>= 1.3.0)
    tzinfo (2.0.6)
      concurrent-ruby (~> 1.0)
    unicode (0.4.4.5)
    unicode-display_width (3.1.4)
      unicode-emoji (~> 4.0, >= 4.0.4)
    unicode-emoji (4.0.4)
    uniform_notifier (1.17.0)
    unleash (6.3.1)
      base64 (~> 0.2.0)
      logger (~> 1.6)
      yggdrasil-engine (~> 1.0.4)
    uri (1.0.3)
    value_semantics (3.6.1)
    vcr (6.3.1)
      base64
    version_gem (1.1.8)
    view_component (3.23.2)
      activesupport (>= 5.2.0, < 8.1)
      concurrent-ruby (~> 1)
      method_source (~> 1.0)
    view_component-contrib (0.2.4)
      ruby-next-core (>= 0.15.0)
      view_component
    webmock (3.25.1)
      addressable (>= 2.8.0)
      crack (>= 0.3.2)
      hashdiff (>= 0.4.0, < 2.0.0)
    websocket-driver (0.8.0)
      base64
      websocket-extensions (>= 0.1.0)
    websocket-extensions (0.1.5)
    wicked (2.0.0)
      railties (>= 3.0.7)
    xpath (3.2.0)
      nokogiri (~> 1.8)
    yajl-ruby (1.4.3)
    yaml-safe_load_stream3 (0.1.2)
    yard (0.9.37)
    yard-solargraph (0.1.0)
      yard (~> 0.9)
    yggdrasil-engine (1.0.4-aarch64-linux)
      ffi (~> 1.16.3)
    yggdrasil-engine (1.0.4-aarch64-linux-musl)
      ffi (~> 1.16.3)
    yggdrasil-engine (1.0.4-arm64-darwin)
      ffi (~> 1.16.3)
    yggdrasil-engine (1.0.4-x86_64-darwin)
      ffi (~> 1.16.3)
    yggdrasil-engine (1.0.4-x86_64-linux)
      ffi (~> 1.16.3)
    yggdrasil-engine (1.0.4-x86_64-linux-musl)
      ffi (~> 1.16.3)
    zeitwerk (2.7.3)
    zonebie (0.6.1)

PLATFORMS
  aarch64-linux-gnu
  aarch64-linux-musl
  arm64-darwin
  x86_64-darwin
  x86_64-linux
  x86_64-linux-gnu
  x86_64-linux-musl

DEPENDENCIES
  action_policy (~> 0.7.4)
  annotate (~> 3.2.0)
  anyway_config (~> 2.7.2)
  avo (~> 3.23.0)
  awesome_print (~> 1.9.2)
  aws-sdk-s3 (~> 1.196.1)
  bcrypt (~> 3.1.20)
  bootsnap (~> 1.18.6)
  brakeman (~> 7.1.0)
  bullet (~> 8.0.8)
  bundler-audit (~> 0.9.2)
  bytesize (~> 0.1.2)
  capybara (~> 3.40.0)
  classnames (~> 1.0.1)
  console1984 (~> 0.2.2)
  cssbundling-rails (~> 1.4.1)
  data_migrate (~> 11.3.0)
  dry-initializer (~> 3.2.0)
  factory_bot_rails (~> 6.5.0)
  faraday (~> 2.13.4)
  gelf (~> 3.1)
  gruff (~> 0.29.0)
  hashids (~> 1.0.6)
  hashie (~> 5.0.0)
  http (~> 5.3.1)
  inline_svg (~> 1.10.0)
  jsbundling-rails (~> 1.3.1)
  jwt (~> 3.1.2)
  k8s-ruby (~> 0.17.2)
  keycloak-admin (~> 1.1.3)
  kiba (~> 4.0.0)
  kiba-common (~> 1.5.0)
  libyear-bundler (~> 0.9.0)
  light-service (~> 0.20.0)
  listen (~> 3.9.0)
  lograge (~> 0.14.0)
  lookbook (~> 2.3.12)
  mjml-rails (~> 4.15)
  money (~> 6.19.0)
  noticed (~> 2.8.0)
  oj (~> 3.16.11)
  omniauth-keycloak (~> 1.5.3)
  omniauth-rails_csrf_protection (~> 1.0.2)
  pagy (~> 9.3.5)
  paper_trail (~> 16.0.0)
  paranoia (~> 3.0.1)
  pdf-inspector (~> 1.3.0)
  percentage (~> 2.3.0)
  pg (~> 1.6.1)
  postmark-rails (~> 0.22.1)
  prawn (~> 2.5.0)
  prawn-table (~> 0.2.2)
  propshaft (~> 1.2.0)
  pry (~> 0.15.2)
  pry-rails (~> 0.3.11)
  puma (~> 6.6.1)
  rack-cors (~> 3.0.0)
  rails (= 7.1.5.1)
  ransack (~> 4.3.0)
  redis (~> 5.4.0)
  retriable (~> 3.1)
  rspec-its (~> 2.0.0)
  rspec-rails (~> 7.1.1)
  rspec_junit_formatter (~> 0.6.0)
  rubocop (~> 1.79.2)
  rubocop-capybara (~> 2.22.1)
  rubocop-factory_bot (~> 2.27.1)
  rubocop-performance (~> 1.25.0)
  rubocop-rails (~> 2.32.0)
  rubocop-rspec (~> 3.6.0)
  rubocop-rspec_rails (~> 2.31.0)
  ruby-units (~> 4.1.0)
  seed-fu (~> 2.3.9)
  sentry-rails (~> 5.26.0)
  sentry-ruby (~> 5.26.0)
  sentry-sidekiq (~> 5.26.0)
  shoulda-matchers (~> 6.5.0)
  sidekiq (~> 8.0.6)
  sidekiq-cron (~> 2.3.0)
  simplecov (~> 0.22.0)
  simplecov-lcov (~> 0.8.0)
  solargraph (~> 0.56.2)
  spring (~> 4.3.0)
  spring-commands-rspec (~> 1.0.4)
  stimulus-rails (~> 1.3.4)
  store_model (~> 4.3.0)
  strong_migrations (~> 2.5.0)
  timecop (~> 0.9.10)
  timescaledb (~> 0.3.2)
  turbo-rails (~> 2.0.16)
  unleash (~> 6.3.1)
  value_semantics (~> 3.6.1)
  vcr (~> 6.3.1)
  view_component (~> 3.23.2)
  view_component-contrib (~> 0.2.4)
  webmock (~> 3.25.1)
  wicked (~> 2.0.0)
  zonebie (~> 0.6.1)

RUBY VERSION
   ruby 3.3.0p0

BUNDLED WITH
   2.5.4
